GIT
  remote: https://github.com/intridea/grape.git
  revision: 211d17ecb9e29c370240a68cd9f2bee7176e7060
  specs:
    grape (0.6.1)
      activesupport
      builder
      hashie (>= 1.2.0)
      multi_json (>= 1.3.2)
      multi_xml (>= 0.5.2)
      rack (>= 1.3.0)
      rack-accept
      rack-mount
      virtus (>= 1.0.0)

GEM
  remote: http://rubygems.org/
  specs:
    activemodel (3.2.15)
      activesupport (= 3.2.15)
      builder (~> 3.0.0)
    activerecord (3.2.15)
      activemodel (= 3.2.15)
      activesupport (= 3.2.15)
      arel (~> 3.0.2)
      tzinfo (~> 0.3.29)
    activesupport (3.2.15)
      i18n (~> 0.6, >= 0.6.4)
      multi_json (~> 1.0)
    akami (1.2.0)
      gyoku (>= 0.4.0)
      nokogiri (>= 1.4.0)
    arel (3.0.3)
    axiom-types (0.0.5)
      descendants_tracker (~> 0.0.1)
      ice_nine (~> 0.9)
    backports (3.3.5)
    builder (3.0.4)
    coercible (0.2.0)
      backports (~> 3.0, >= 3.1.0)
      descendants_tracker (~> 0.0.1)
    descendants_tracker (0.0.3)
    equalizer (0.0.7)
    gyoku (1.1.0)
      builder (>= 2.1.2)
    hashie (2.0.5)
    httparty (0.11.0)
      multi_json (~> 1.0)
      multi_xml (>= 0.5.2)
    httpi (2.1.0)
      rack
      rubyntlm (~> 0.3.2)
    i18n (0.6.5)
    ice_nine (0.10.0)
    json (1.7.7)
    multi_json (1.8.2)
    multi_xml (0.5.5)
    mysql (2.9.1)
    newrelic-grape (1.1.0)
      grape
      newrelic_rpm
    newrelic_rpm (3.5.4.34)
    nokogiri (1.5.10)
    nori (2.3.0)
    rack (1.4.5)
    rack-accept (0.4.5)
      rack (>= 0.4)
    rack-contrib (1.1.0)
      rack (>= 0.9.1)
    rack-mount (0.8.3)
      rack (>= 1.0.0)
    rubyntlm (0.3.4)
    rubysl-securerandom (2.0.0)
    savon (2.3.0)
      akami (~> 1.2.0)
      builder (>= 2.1.2)
      gyoku (~> 1.1.0)
      httpi (~> 2.1.0)
      nokogiri (>= 1.4.0, < 1.6)
      nori (~> 2.3.0)
      wasabi (~> 3.2.0)
    tzinfo (0.3.38)
    virtus (1.0.0)
      axiom-types (~> 0.0.5)
      coercible (~> 0.2)
      descendants_tracker (~> 0.0.1)
      equalizer (~> 0.0.7)
    wasabi (3.2.0)
      httpi (~> 2.0)
      nokogiri (>= 1.4.0, < 1.6)

PLATFORMS
  ruby

DEPENDENCIES
  activerecord (~> 3.2.13)
  grape!
  httparty
  json (~> 1.7.7)
  mysql
  newrelic-grape (~> 1.1.0)
  newrelic_rpm (~> 3.5.4.34)
  rack (~> 1.4.1)
  rack-contrib
  rubysl-securerandom
  savon
